Brain Vision Data Exchange Header File Version 1.0
; Data created by the Amplifier SDK

[Common Infos]
Codepage=UTF-8
DataFile=liveamp32
MarkerFile=liveamp32.vmrk
DataFormat=BINARY
; Data orientation: MULTIPLEXED=ch1,pt1, ch2,pt1 ...
DataOrientation=MULTIPLEXED
NumberOfChannels=35
; Sampling interval in microseconds
SamplingInterval=4000

[Binary Infos]
BinaryFormat=IEEE_FLOAT_32

[Channel Infos]
; Each entry: Ch<Channel number>=<Name>,<Reference channel name>,
; <Resolution in "Unit">,<Unit>, Future extensions..
; Fields are delimited by commas, some fields might be omitted (empty).
; Commas in channel names are coded as "\1".
Ch1=EEG_1,,0.0406901,uV
Ch2=EEG_2,,0.0406901,uV
Ch3=EEG_3,,0.0406901,uV
Ch4=EEG_4,,0.0406901,uV
Ch5=EEG_5,,0.0406901,uV
Ch6=EEG_6,,0.0406901,uV
Ch7=EEG_7,,0.0406901,uV
Ch8=EEG_8,,0.0406901,uV
Ch9=EEG_9,,0.0406901,uV
Ch10=EEG_10,,0.0406901,uV
Ch11=EEG_11,,0.0406901,uV
Ch12=EEG_12,,0.0406901,uV
Ch13=EEG_13,,0.0406901,uV
Ch14=EEG_14,,0.0406901,uV
Ch15=EEG_15,,0.0406901,uV
Ch16=EEG_16,,0.0406901,uV
Ch17=EEG_17,,0.0406901,uV
Ch18=EEG_18,,0.0406901,uV
Ch19=EEG_19,,0.0406901,uV
Ch20=EEG_20,,0.0406901,uV
Ch21=EEG_21,,0.0406901,uV
Ch22=EEG_22,,0.0406901,uV
Ch23=EEG_23,,0.0406901,uV
Ch24=EEG_24,,0.0406901,uV
Ch25=EEG_25,,0.0406901,uV
Ch26=EEG_26,,0.0406901,uV
Ch27=EEG_27,,0.0406901,uV
Ch28=EEG_28,,0.0406901,uV
Ch29=EEG_29,,0.0406901,uV
Ch30=EEG_30,,0.0406901,uV
Ch31=EEG_31,,0.0406901,uV
Ch32=EEG_32,,0.0406901,uV
Ch33=AUX_1,,1,mG
Ch34=AUX_2,,1,mG
Ch35=AUX_3,,1,mG


[Comment]

Optional SDK Comment

A m p l i f i e r  S e t u p
============================
Number of channels: 35
Sampling Rate [Hz]: 250
Sampling Interval [µS]: 4000

Channel Info
===============
#     Phys. Chn.    Module No.     Resolution / Unit   Low Cutoff [Hz]  High Cutoff [Hz]   Notch [Hz]    
1     1             0              0.0406901  uV              0                 65             0               
2     2             0              0.0406901  uV              0                 65             0               
3     3             0              0.0406901  uV              0                 65             0               
4     4             0              0.0406901  uV              0                 65             0               
5     5             0              0.0406901  uV              0                 65             0               
6     6             0              0.0406901  uV              0                 65             0               
7     7             0              0.0406901  uV              0                 65             0               
8     8             0              0.0406901  uV              0                 65             0               
9     9             0              0.0406901  uV              0                 65             0               
10    10            0              0.0406901  uV              0                 65             0               
11    11            0              0.0406901  uV              0                 65             0               
12    12            0              0.0406901  uV              0                 65             0               
13    13            0              0.0406901  uV              0                 65             0               
14    14            0              0.0406901  uV              0                 65             0               
15    15            0              0.0406901  uV              0                 65             0               
16    16            0              0.0406901  uV              0                 65             0               
17    17            0              0.0406901  uV              0                 65             0               
18    18            0              0.0406901  uV              0                 65             0               
19    19            0              0.0406901  uV              0                 65             0               
20    20            0              0.0406901  uV              0                 65             0               
21    21            0              0.0406901  uV              0                 65             0               
22    22            0              0.0406901  uV              0                 65             0               
23    23            0              0.0406901  uV              0                 65             0               
24    24            0              0.0406901  uV              0                 65             0               
25    25            0              0.0406901  uV              0                 65             0               
26    26            0              0.0406901  uV              0                 65             0               
27    27            0              0.0406901  uV              0                 65             0               
28    28            0              0.0406901  uV              0                 65             0               
29    29            0              0.0406901  uV              0                 65             0               
30    30            0              0.0406901  uV              0                 65             0               
31    31            0              0.0406901  uV              0                 65             0               
32    32            0              0.0406901  uV              0                 65             0               
33    33            0              1          mG              0                 50             0               
34    34            0              1          mG              0                 50             0               
35    35            0              1          mG              0                 50             0               


Device Info
===============
Family           Type             Interface        Address                            SerialNo.        HWRevision       FWRevision       DriverVersion    
LiveAmp          LiveAmp32        USB              00:12:f3:39:60:fe                  056301-0438      5.0.0.0          4.71.0.0         1.0.0.0          
               

Module Info
===============
ModuleNo  ModuleType          SerialNumber        FirmwareVersion     HardwareVersion     
0         LiveAmp32RS         056301-0438         4.71.0.0            5.0.0.0             


Version Info
===============
API Version         Amplifier Library Version               SDK Version                             
3.2.0.0             1.18.10.15                              1.0.0.3                                 

No Impedance Values available at: 2019-Apr-28.21:03:47
